GEM
  remote: http://rubygems.org/
  specs:
    activesupport (3.2.22.5)
      i18n (~> 0.6, >= 0.6.4)
      multi_json (~> 1.0)
    builder (2.1.2)
    coderay (1.1.2)
    diff-lcs (1.1.3)
    domain_name (0.5.20190701)
      unf (>= 0.0.5, < 1.0.0)
    hpricot (0.8.6)
    htmlentities (4.3.1)
    http-cookie (1.0.3)
      domain_name (~> 0.5)
    i18n (0.6.11)
    json (1.8.6)
    log4r (1.1.10)
    mechanize (2.7.3)
      domain_name (~> 0.5, >= 0.5.1)
      http-cookie (~> 1.0)
      mime-types (~> 2.0)
      net-http-digest_auth (~> 1.1, >= 1.1.1)
      net-http-persistent (~> 2.5, >= 2.5.2)
      nokogiri (~> 1.4)
      ntlm-http (~> 0.1, >= 0.1.1)
      webrobots (>= 0.0.9, < 0.2)
    method_source (0.8.2)
    mime-types (2.99.3)
    multi_json (1.13.1)
    mysql (2.9.1)
    net-http-digest_auth (1.4.1)
    net-http-persistent (2.9.4)
    nokogiri (1.5.11)
    ntlm-http (0.1.1)
    pry (0.10.4)
      coderay (~> 1.1.0)
      method_source (~> 0.8.1)
      slop (~> 3.4)
    rake (10.5.0)
    rcov (0.9.11)
    rmagick (2.16.0)
    rspec (2.11.0)
      rspec-core (~> 2.11.0)
      rspec-expectations (~> 2.11.0)
      rspec-mocks (~> 2.11.0)
    rspec-core (2.11.1)
    rspec-expectations (2.11.3)
      diff-lcs (~> 1.1.3)
    rspec-mocks (2.11.3)
    slop (3.6.0)
    unf (0.1.4)
      unf_ext
    unf_ext (0.0.7.7)
    webrobots (0.1.2)

PLATFORMS
  ruby

DEPENDENCIES
  activesupport (< 4.0.0)
  builder (= 2.1.2)
  hpricot (= 0.8.6)
  htmlentities (<= 4.3.1)
  i18n (~> 0.6.11)
  json (~> 1.8.6)
  log4r
  mechanize
  mysql
  nokogiri (~> 1.5.0)
  pry (~> 0.10.4)
  rake (~> 10.5.0)
  rcov (~> 0.9.10)
  rmagick (~> 2.16.0)
  rspec (~> 2.11.0)

BUNDLED WITH
   1.17.3
