GEM
  remote: http://rubygems.org/
  specs:
    builder (2.1.2)
    diff-lcs (1.4.4)
    hpricot (0.8.6)
    htmlentities (4.3.4)
    iconv (1.0.8)
    log4r (1.1.10)
    mechanize (1.0.0)
      nokogiri (>= 1.2.1)
    mini_portile2 (2.4.0)
    mysql2 (0.5.3)
    nokogiri (1.10.10)
      mini_portile2 (~> 2.4.0)
    power_assert (1.2.0)
    rake (13.0.3)
    rmagick (4.1.2)
    rspec (3.10.0)
      rspec-core (~> 3.10.0)
      rspec-expectations (~> 3.10.0)
      rspec-mocks (~> 3.10.0)
    rspec-core (3.10.0)
      rspec-support (~> 3.10.0)
    rspec-expectations (3.10.0)
      diff-lcs (>= 1.2.0, < 2.0)
      rspec-support (~> 3.10.0)
    rspec-mocks (3.10.0)
      diff-lcs (>= 1.2.0, < 2.0)
      rspec-support (~> 3.10.0)
    rspec-support (3.10.0)
    test-unit (3.3.7)
      power_assert

PLATFORMS
  ruby
  x86_64-linux

DEPENDENCIES
  builder (~> 2)
  hpricot
  htmlentities
  iconv
  log4r
  mechanize (~> 1)
  mysql2
  rake
  rmagick
  rspec
  test-unit

BUNDLED WITH
   2.2.2
